GEM
  remote: https://rubygems.org/
  specs:
    builder (3.2.3)
    byebug (9.1.0)
    colsole (0.5.1)
    cucumber (2.4.0)
      builder (>= 2.1.2)
      cucumber-core (~> 1.5.0)
      cucumber-wire (~> 0.0.1)
      diff-lcs (>= 1.1.3)
      gherkin (~> 4.0)
      multi_json (>= 1.7.5, < 2.0)
      multi_test (>= 0.1.2)
    cucumber-core (1.5.0)
      gherkin (~> 4.0)
    cucumber-wire (0.0.1)
    diff-lcs (1.3)
    docopt (0.6.0)
    gherkin (4.1.3)
    multi_json (1.12.1)
    multi_test (0.1.2)
    rspec-expectations (3.6.0)
      diff-lcs (>= 1.2.0, < 2.0)
      rspec-support (~> 3.6.0)
    rspec-support (3.6.0)
    runfile (0.10.0)
      colsole (~> 0.5)
      docopt (~> 0.5)
    runfile-tasks (0.4.6)
      runfile (~> 0.5)
    similar_text (0.0.4)

PLATFORMS
  ruby

DEPENDENCIES
  byebug
  cucumber
  rspec-expectations
  runfile
  runfile-tasks
  similar_text

BUNDLED WITH
   1.15.4
